GEM
  remote: https://rubygems.org/
  specs:
    iro (0.2.1)

PLATFORMS
  ruby

DEPENDENCIES
  iro

BUNDLED WITH
   1.16.4
